GEM
  remote: https://rubygems.org/
  specs:
    curses (1.2.4)
    terminal-size (0.0.6)

PLATFORMS
  ruby

DEPENDENCIES
  curses (~> 1.2.4)
  terminal-size

BUNDLED WITH
   1.16.0
