GEM
  remote: https://rubygems.org/
  specs:
    curses (1.2.4)

PLATFORMS
  ruby

DEPENDENCIES
  curses (~> 1.2.4)

BUNDLED WITH
   1.16.0
