PATH
  remote: .
  specs:
    termquickrpg (0.1.0)
      curses (~> 1.2.5)
      tty-screen (~> 0.6.5)

GEM
  remote: https://rubygems.org/
  specs:
    curses (1.2.7)
    diff-lcs (1.4.4)
    rake (13.0.3)
    rspec (3.10.0)
      rspec-core (~> 3.10.0)
      rspec-expectations (~> 3.10.0)
      rspec-mocks (~> 3.10.0)
    rspec-core (3.10.1)
      rspec-support (~> 3.10.0)
    rspec-expectations (3.10.1)
      diff-lcs (>= 1.2.0, < 2.0)
      rspec-support (~> 3.10.0)
    rspec-mocks (3.10.2)
      diff-lcs (>= 1.2.0, < 2.0)
      rspec-support (~> 3.10.0)
    rspec-support (3.10.2)
    tty-screen (0.6.5)

PLATFORMS
  ruby

DEPENDENCIES
  bundler (~> 2.1)
  rake (~> 13.0)
  rspec (~> 3.10)
  termquickrpg!

BUNDLED WITH
   2.1.4
